PATH
  remote: .
  specs:
    help (0.0.1)

GEM
  remote: https://rubygems.org/
  specs:
    rake (10.1.0)

PLATFORMS
  ruby

DEPENDENCIES
  bundler (~> 1.10)
  help!
  rake (~> 10.0)

BUNDLED WITH
   1.10.6
